PATH
  remote: .
  specs:
    fistface (1.0.0)
      sinatra (~> 1.1)

GEM
  remote: http://rubygems.org/
  specs:
    diff-lcs (1.1.2)
    rack (1.3.1)
    rack-test (0.6.0)
      rack (>= 1.0)
    rspec (2.6.0)
      rspec-core (~> 2.6.0)
      rspec-expectations (~> 2.6.0)
      rspec-mocks (~> 2.6.0)
    rspec-core (2.6.4)
    rspec-expectations (2.6.0)
      diff-lcs (~> 1.1.2)
    rspec-mocks (2.6.0)
    sinatra (1.2.6)
      rack (~> 1.1)
      tilt (< 2.0, >= 1.2.2)
    tilt (1.3.2)
    timecop (0.3.5)

PLATFORMS
  ruby

DEPENDENCIES
  fistface!
  rack-test
  rspec
  timecop
