PATH
  remote: .
  specs:
    fistface (1.0.1)
      sinatra (~> 1.1)

GEM
  remote: http://rubygems.org/
  specs:
    diff-lcs (1.1.2)
    rack (1.3.1)
    rack-test (0.6.0)
      rack (>= 1.0)
    rake (0.9.2.2)
    rspec (2.6.0)
      rspec-core (~> 2.6.0)
      rspec-expectations (~> 2.6.0)
      rspec-mocks (~> 2.6.0)
    rspec-core (2.6.4)
    rspec-expectations (2.6.0)
      diff-lcs (~> 1.1.2)
    rspec-mocks (2.6.0)
    sinatra (1.2.7)
      rack (~> 1.1)
      tilt (>= 1.2.2, < 2.0)
    tilt (1.3.3)
    timecop (0.3.5)

PLATFORMS
  ruby

DEPENDENCIES
  fistface!
  rack-test
  rake
  rspec
  timecop
