PATH
  remote: .
  specs:
    fistface (1.0.2)
      sinatra (~> 1.1)

GEM
  remote: http://rubygems.org/
  specs:
    diff-lcs (1.2.1)
    rack (1.3.1)
    rack-protection (1.5.3)
      rack
    rack-test (0.6.0)
      rack (>= 1.0)
    rake (10.0.3)
    rspec (2.13.0)
      rspec-core (~> 2.13.0)
      rspec-expectations (~> 2.13.0)
      rspec-mocks (~> 2.13.0)
    rspec-core (2.13.1)
    rspec-expectations (2.13.0)
      diff-lcs (>= 1.1.3, < 2.0)
    rspec-mocks (2.13.0)
    sinatra (1.3.0)
      rack (~> 1.3)
      rack-protection (~> 1.1)
      tilt (~> 1.3)
    tilt (1.4.1)
    timecop (0.6.1)

PLATFORMS
  ruby

DEPENDENCIES
  fistface!
  rack-test (~> 0.6)
  rake (~> 10.0)
  rspec (~> 2.13)
  timecop (~> 0.6)
